GEM
  specs:
    minitest (5.20.0)
    rake (13.2.1)

PLATFORMS
  ruby
  x86_64-darwin-22

DEPENDENCIES
  minitest
  rake

BUNDLED WITH
   2.5.18
